NUGET
  remote: https://www.nuget.org/api/v2
    FAKE (5.0.0-alpha009)
    Microsoft.Build.Framework (15.1.1012) - restriction: >= netstandard13
      System.Collections (>= 4.0.11) - restriction: >= netstandard13
      System.Diagnostics.Debug (>= 4.0.11) - restriction: >= netstandard13
      System.Globalization (>= 4.0.11) - restriction: >= netstandard13
      System.Runtime (>= 4.1) - restriction: >= netstandard13
      System.Runtime.InteropServices (>= 4.1) - restriction: >= netstandard13
      System.Threading (>= 4.0.11) - restriction: >= netstandard13
      System.Threading.Thread (>= 4.0) - restriction: >= netstandard13
    Microsoft.Build.Utilities.Core (15.1.1012)
      Microsoft.Build.Framework (15.1.1012) - restriction: >= netstandard13
      Microsoft.Win32.Primitives (>= 4.0.1) - restriction: && (< net46) (>= netstandard13)
      System.AppContext (>= 4.1) - restriction: && (< net46) (>= netstandard13)
      System.Collections (>= 4.0.11) - restriction: && (< net46) (>= netstandard13)
      System.Collections.Concurrent (>= 4.0.12) - restriction: && (< net46) (>= netstandard13)
      System.Collections.NonGeneric (>= 4.0.1) - restriction: && (< net46) (>= netstandard13)
      System.Console (>= 4.0) - restriction: && (< net46) (>= netstandard13)
      System.Diagnostics.Debug (>= 4.0.11) - restriction: && (< net46) (>= netstandard13)
      System.Diagnostics.Process (>= 4.1) - restriction: && (< net46) (>= netstandard13)
      System.Diagnostics.TraceSource (>= 4.0) - restriction: && (< net46) (>= netstandard13)
      System.Globalization (>= 4.0.11) - restriction: && (< net46) (>= netstandard13)
      System.IO (>= 4.1) - restriction: && (< net46) (>= netstandard13)
      System.IO.FileSystem (>= 4.0.1) - restriction: && (< net46) (>= netstandard13)
      System.IO.FileSystem.Primitives (>= 4.0.1) - restriction: && (< net46) (>= netstandard13)
      System.Linq (>= 4.1) - restriction: && (< net46) (>= netstandard13)
      System.ObjectModel (>= 4.0.12) - restriction: && (< net46) (>= netstandard13)
      System.Reflection (>= 4.1) - restriction: && (< net46) (>= netstandard13)
      System.Reflection.TypeExtensions (>= 4.1) - restriction: && (< net46) (>= netstandard13)
      System.Resources.Reader (>= 4.0) - restriction: && (< net46) (>= netstandard13)
      System.Resources.ResourceManager (>= 4.0.1) - restriction: && (< net46) (>= netstandard13)
      System.Runtime (>= 4.1) - restriction: && (< net46) (>= netstandard13)
      System.Runtime.Extensions (>= 4.1) - restriction: && (< net46) (>= netstandard13)
      System.Runtime.Handles (>= 4.0.1) - restriction: && (< net46) (>= netstandard13)
      System.Runtime.InteropServices (>= 4.1) - restriction: && (< net46) (>= netstandard13)
      System.Runtime.InteropServices.RuntimeInformation (>= 4.0) - restriction: && (< net46) (>= netstandard13)
      System.Runtime.Serialization.Primitives (>= 4.1.1) - restriction: && (< net46) (>= netstandard13)
      System.Runtime.Serialization.Xml (>= 4.1.1) - restriction: && (< net46) (>= netstandard13)
      System.Text.Encoding (>= 4.0.11) - restriction: && (< net46) (>= netstandard13)
      System.Text.RegularExpressions (>= 4.1) - restriction: && (< net46) (>= netstandard13)
      System.Threading (>= 4.0.11) - restriction: && (< net46) (>= netstandard13)
      System.Threading.Tasks (>= 4.0.11) - restriction: && (< net46) (>= netstandard13)
      System.Threading.Thread (>= 4.0) - restriction: && (< net46) (>= netstandard13)
      System.Threading.Timer (>= 4.0.1) - restriction: && (< net46) (>= netstandard13)
      System.Xml.ReaderWriter (>= 4.0.11) - restriction: && (< net46) (>= netstandard13)
      System.Xml.XmlDocument (>= 4.0.1) - restriction: && (< net46) (>= netstandard13)
    Microsoft.NETCore.Platforms (1.1) - restriction: || (&& (< net20) (< netstandard12) (>= netstandard13) (< win8)) (&& (< net20) (>= netstandard13) (< win8) (< wpa81)) (&& (< net20) (>= netstandard14) (< win8) (< wpa81)) (&& (< net20) (>= netstandard15)) (&& (< net45) (>= net462)) (&& (< net45) (< netstandard12) (>= netstandard13) (< win8)) (&& (< net45) (< netstandard12) (>= netstandard14) (< win8)) (&& (< net45) (>= netstandard13) (< win8) (< wpa81)) (&& (< net45) (>= netstandard14) (< win8) (< wpa81)) (&& (< net45) (>= netstandard15)) (&& (< net451) (>= netstandard13) (< win81) (< wpa81)) (&& (< net451) (>= netstandard14) (< win81) (< wpa81)) (&& (< net451) (>= netstandard15)) (&& (< net46) (>= netstandard13)) (&& (< net46) (>= netstandard14)) (&& (< net46) (>= netstandard15)) (&& (>= net462) (>= dnxcore50)) (&& (>= dnxcore50) (>= netstandard13)) (&& (>= dnxcore50) (>= netstandard14)) (&& (>= dnxcore50) (>= netstandard15)) (>= netcore11)
    Microsoft.NETCore.Targets (1.1) - restriction: || (&& (< net45) (>= net462)) (&& (< net45) (< netstandard12) (>= netstandard13) (< win8)) (&& (< net45) (< netstandard12) (>= netstandard14) (< win8)) (&& (< net45) (>= netstandard13) (< win8) (< wpa81)) (&& (< net45) (>= netstandard14) (< win8) (< wpa81)) (&& (< net45) (>= netstandard15)) (&& (< net451) (>= netstandard13) (< win81) (< wpa81)) (&& (< net451) (>= netstandard14) (< win81) (< wpa81)) (&& (< net451) (>= netstandard15)) (&& (< net46) (>= netstandard13)) (&& (< net46) (>= netstandard14)) (&& (< net46) (>= netstandard15)) (&& (>= net462) (>= dnxcore50)) (&& (>= dnxcore50) (>= netstandard13)) (&& (>= dnxcore50) (>= netstandard14)) (&& (>= dnxcore50) (>= netstandard15)) (>= netcore11)
    Microsoft.Win32.Primitives (4.3) - restriction: || (&& (< net46) (>= netstandard13)) (&& (< net46) (>= netstandard14))
      Microsoft.NETCore.Platforms (>= 1.1) - restriction: && (< net46) (>= netstandard13)
      Microsoft.NETCore.Targets (>= 1.1) - restriction: && (< net46) (>= netstandard13)
      System.Runtime (>= 4.3) - restriction: && (< net46) (>= netstandard13)
    Microsoft.Win32.Registry (4.3) - restriction: && (< net46) (>= netstandard14)
      Microsoft.NETCore.Platforms (>= 1.1) - restriction: && (< net46) (>= netstandard13)
      System.Collections (>= 4.3) - restriction: && (< net46) (>= netstandard13)
      System.Globalization (>= 4.3) - restriction: && (< net46) (>= netstandard13)
      System.Resources.ResourceManager (>= 4.3) - restriction: && (< net46) (>= netstandard13)
      System.Runtime (>= 4.3) - restriction: && (< net46) (>= netstandard13)
      System.Runtime.Extensions (>= 4.3) - restriction: && (< net46) (>= netstandard13)
      System.Runtime.Handles (>= 4.3) - restriction: && (< net46) (>= netstandard13)
      System.Runtime.InteropServices (>= 4.3) - restriction: && (< net46) (>= netstandard13)
    NuGet.CommandLine (4.1)
    runtime.any.System.Collections (4.3) - isRuntimeDependency: true
      System.Runtime (>= 4.3) - restriction: || (&& (< net45) (>= netstandard13) (< win8) (< wpa81)) (>= dnxcore50)
    runtime.any.System.Diagnostics.Tools (4.3) - isRuntimeDependency: true
    runtime.any.System.Diagnostics.Tracing (4.3) - isRuntimeDependency: true
    runtime.any.System.Globalization (4.3) - isRuntimeDependency: true
    runtime.any.System.IO (4.3) - isRuntimeDependency: true
    runtime.any.System.Reflection (4.3) - isRuntimeDependency: true
    runtime.any.System.Reflection.Extensions (4.3) - isRuntimeDependency: true
    runtime.any.System.Reflection.Primitives (4.3) - isRuntimeDependency: true
    runtime.any.System.Resources.ResourceManager (4.3) - isRuntimeDependency: true
    runtime.any.System.Runtime (4.3) - isRuntimeDependency: true
      System.Private.Uri (>= 4.3) - restriction: || (&& (< net45) (>= netstandard15)) (>= dnxcore50)
    runtime.any.System.Runtime.Handles (4.3) - isRuntimeDependency: true
    runtime.any.System.Runtime.InteropServices (4.3) - isRuntimeDependency: true
    runtime.any.System.Text.Encoding (4.3) - isRuntimeDependency: true
    runtime.any.System.Text.Encoding.Extensions (4.3) - isRuntimeDependency: true
    runtime.any.System.Threading.Tasks (4.3) - isRuntimeDependency: true
    runtime.any.System.Threading.Timer (4.3) - isRuntimeDependency: true
    runtime.aot.System.Collections (4.3) - isRuntimeDependency: true
      System.Diagnostics.Debug (>= 4.3) - restriction: >= dnxcore50
      System.Resources.ResourceManager (>= 4.3) - restriction: >= dnxcore50
      System.Runtime (>= 4.3) - restriction: >= dnxcore50
      System.Runtime.Extensions (>= 4.3) - restriction: >= dnxcore50
      System.Threading (>= 4.3) - restriction: >= dnxcore50
    runtime.aot.System.Diagnostics.Tools (4.3) - isRuntimeDependency: true
    runtime.aot.System.Diagnostics.Tracing (4.3) - isRuntimeDependency: true
      System.Collections (>= 4.3) - restriction: >= dnxcore50
      System.Globalization (>= 4.3) - restriction: >= dnxcore50
      System.Reflection (>= 4.3) - restriction: >= dnxcore50
      System.Reflection.Extensions (>= 4.3) - restriction: >= dnxcore50
      System.Resources.ResourceManager (>= 4.3) - restriction: >= dnxcore50
      System.Runtime (>= 4.3) - restriction: >= dnxcore50
      System.Runtime.Extensions (>= 4.3) - restriction: >= dnxcore50
      System.Runtime.InteropServices (>= 4.3) - restriction: >= dnxcore50
      System.Text.Encoding (>= 4.3) - restriction: >= dnxcore50
      System.Threading (>= 4.3) - restriction: >= dnxcore50
    runtime.aot.System.Globalization (4.3) - isRuntimeDependency: true
    runtime.aot.System.IO (4.3) - isRuntimeDependency: true
      System.Diagnostics.Debug (>= 4.3) - restriction: >= netstandard13
      System.Globalization (>= 4.3) - restriction: || (>= dnxcore50) (>= netstandard13)
      System.Runtime (>= 4.3) - restriction: || (>= dnxcore50) (>= netstandard13)
      System.Runtime.Extensions (>= 4.3) - restriction: >= netstandard13
      System.Text.Encoding (>= 4.3) - restriction: || (>= dnxcore50) (>= netstandard13)
      System.Text.Encoding.Extensions (>= 4.3) - restriction: || (>= dnxcore50) (>= netstandard13)
      System.Threading (>= 4.3) - restriction: || (>= dnxcore50) (>= netstandard13)
      System.Threading.Tasks (>= 4.3) - restriction: || (>= dnxcore50) (>= netstandard13)
    runtime.aot.System.Reflection (4.3) - isRuntimeDependency: true
    runtime.aot.System.Reflection.Extensions (4.3) - isRuntimeDependency: true
      System.Diagnostics.Debug (>= 4.3) - restriction: >= dnxcore50
      System.Reflection (>= 4.3) - restriction: >= dnxcore50
      System.Reflection.Primitives (>= 4.3) - restriction: >= dnxcore50
      System.Reflection.TypeExtensions (>= 4.3) - restriction: >= dnxcore50
      System.Resources.ResourceManager (>= 4.3) - restriction: >= dnxcore50
      System.Runtime (>= 4.3) - restriction: >= dnxcore50
      System.Runtime.Extensions (>= 4.3) - restriction: >= dnxcore50
    runtime.aot.System.Reflection.Primitives (4.3) - isRuntimeDependency: true
      System.Runtime (>= 4.3) - restriction: >= dnxcore50
      System.Threading (>= 4.3) - restriction: >= dnxcore50
    runtime.aot.System.Resources.ResourceManager (4.3) - isRuntimeDependency: true
      System.Globalization (>= 4.3) - restriction: >= dnxcore50
      System.Reflection (>= 4.3) - restriction: >= dnxcore50
      System.Runtime (>= 4.3) - restriction: >= dnxcore50
    runtime.aot.System.Runtime (4.3) - isRuntimeDependency: true
      System.Private.Uri (>= 4.3) - restriction: >= dnxcore50
    runtime.aot.System.Runtime.Handles (4.3) - isRuntimeDependency: true
    runtime.aot.System.Runtime.InteropServices (4.3) - isRuntimeDependency: true
    runtime.aot.System.Text.Encoding (4.3) - isRuntimeDependency: true
    runtime.aot.System.Text.Encoding.Extensions (4.3) - isRuntimeDependency: true
    runtime.aot.System.Threading.Tasks (4.3) - isRuntimeDependency: true
    runtime.aot.System.Threading.Timer (4.3) - isRuntimeDependency: true
      System.Runtime (>= 4.3) - restriction: >= dnxcore50
    runtime.debian.8-x64.runtime.native.System (4.3) - isRuntimeDependency: true
    runtime.debian.8-x64.runtime.native.System.Security.Cryptography.OpenSsl (4.3.1) - restriction: >= netstandard15, isRuntimeDependency: true
    runtime.fedora.23-x64.runtime.native.System (4.3) - isRuntimeDependency: true
    runtime.fedora.23-x64.runtime.native.System.Security.Cryptography.OpenSsl (4.3.1) - restriction: >= netstandard15, isRuntimeDependency: true
    runtime.fedora.24-x64.runtime.native.System (4.3) - isRuntimeDependency: true
    runtime.fedora.24-x64.runtime.native.System.Security.Cryptography.OpenSsl (4.3.1) - restriction: >= netstandard15, isRuntimeDependency: true
    runtime.native.System (4.3) - restriction: || (&& (< net45) (>= netstandard13) (< win8) (< wpa81)) (&& (< net45) (>= netstandard14) (< win8) (< wpa81)) (&& (< net45) (>= netstandard15)) (&& (< net46) (>= netstandard13)) (&& (< net46) (>= netstandard14)) (&& (< net46) (>= netstandard15))
      Microsoft.NETCore.Platforms (>= 1.1)
      Microsoft.NETCore.Targets (>= 1.1)
    runtime.native.System.Security.Cryptography.OpenSsl (4.3.1) - restriction: >= netstandard15, isRuntimeDependency: true
      runtime.debian.8-x64.runtime.native.System.Security.Cryptography.OpenSsl (>= 4.3.1)
      runtime.fedora.23-x64.runtime.native.System.Security.Cryptography.OpenSsl (>= 4.3.1)
      runtime.fedora.24-x64.runtime.native.System.Security.Cryptography.OpenSsl (>= 4.3.1)
      runtime.opensuse.13.2-x64.runtime.native.System.Security.Cryptography.OpenSsl (>= 4.3.1)
      runtime.opensuse.42.1-x64.runtime.native.System.Security.Cryptography.OpenSsl (>= 4.3.1)
      runtime.osx.10.10-x64.runtime.native.System.Security.Cryptography.OpenSsl (>= 4.3.1)
      runtime.rhel.7-x64.runtime.native.System.Security.Cryptography.OpenSsl (>= 4.3.1)
      runtime.ubuntu.14.04-x64.runtime.native.System.Security.Cryptography.OpenSsl (>= 4.3.1)
      runtime.ubuntu.16.04-x64.runtime.native.System.Security.Cryptography.OpenSsl (>= 4.3.1)
      runtime.ubuntu.16.10-x64.runtime.native.System.Security.Cryptography.OpenSsl (>= 4.3.1)
    runtime.opensuse.13.2-x64.runtime.native.System (4.3) - isRuntimeDependency: true
    runtime.opensuse.13.2-x64.runtime.native.System.Security.Cryptography.OpenSsl (4.3.1) - restriction: >= netstandard15, isRuntimeDependency: true
    runtime.opensuse.42.1-x64.runtime.native.System (4.3) - isRuntimeDependency: true
    runtime.opensuse.42.1-x64.runtime.native.System.Security.Cryptography.OpenSsl (4.3.1) - restriction: >= netstandard15, isRuntimeDependency: true
    runtime.osx.10.10-x64.runtime.native.System (4.3) - isRuntimeDependency: true
    runtime.osx.10.10-x64.runtime.native.System.Security.Cryptography.OpenSsl (4.3.1) - restriction: >= netstandard15, isRuntimeDependency: true
    runtime.rhel.7-x64.runtime.native.System (4.3) - isRuntimeDependency: true
    runtime.rhel.7-x64.runtime.native.System.Security.Cryptography.OpenSsl (4.3.1) - restriction: >= netstandard15, isRuntimeDependency: true
    runtime.ubuntu.14.04-x64.runtime.native.System (4.3) - isRuntimeDependency: true
    runtime.ubuntu.14.04-x64.runtime.native.System.Security.Cryptography.OpenSsl (4.3.1) - restriction: >= netstandard15, isRuntimeDependency: true
    runtime.ubuntu.16.04-x64.runtime.native.System (4.3) - isRuntimeDependency: true
    runtime.ubuntu.16.04-x64.runtime.native.System.Security.Cryptography.OpenSsl (4.3.1) - restriction: >= netstandard15, isRuntimeDependency: true
    runtime.ubuntu.16.10-x64.runtime.native.System (4.3) - isRuntimeDependency: true
    runtime.ubuntu.16.10-x64.runtime.native.System.Security.Cryptography.OpenSsl (4.3.1) - restriction: >= netstandard15, isRuntimeDependency: true
    runtime.unix.Microsoft.Win32.Primitives (4.3) - isRuntimeDependency: true
      runtime.native.System (>= 4.3) - restriction: >= netstandard13
      System.Runtime (>= 4.3) - restriction: >= netstandard13
      System.Runtime.InteropServices (>= 4.3) - restriction: >= netstandard13
    runtime.unix.System.Console (4.3) - isRuntimeDependency: true
      runtime.native.System (>= 4.3) - restriction: >= netstandard13
      System.Collections (>= 4.3) - restriction: >= netstandard13
      System.IO (>= 4.3) - restriction: >= netstandard13
      System.IO.FileSystem.Primitives (>= 4.3) - restriction: >= netstandard13
      System.Resources.ResourceManager (>= 4.3) - restriction: >= netstandard13
      System.Runtime (>= 4.3) - restriction: >= netstandard13
      System.Runtime.Extensions (>= 4.3) - restriction: >= netstandard13
      System.Runtime.Handles (>= 4.3) - restriction: >= netstandard13
      System.Runtime.InteropServices (>= 4.3) - restriction: >= netstandard13
      System.Text.Encoding (>= 4.3) - restriction: >= netstandard13
      System.Text.Encoding.Extensions (>= 4.3) - restriction: >= netstandard13
      System.Threading (>= 4.3) - restriction: >= netstandard13
      System.Threading.Tasks (>= 4.3) - restriction: >= netstandard13
    runtime.unix.System.Diagnostics.Debug (4.3) - isRuntimeDependency: true
      runtime.native.System (>= 4.3) - restriction: >= netstandard13
    runtime.unix.System.IO.FileSystem (4.3) - isRuntimeDependency: true
      runtime.native.System (>= 4.3) - restriction: >= netstandard13
      System.Buffers (>= 4.3) - restriction: >= netstandard13
      System.Collections (>= 4.3) - restriction: >= netstandard13
      System.Diagnostics.Debug (>= 4.3) - restriction: >= netstandard13
      System.IO (>= 4.3) - restriction: >= netstandard13
      System.IO.FileSystem.Primitives (>= 4.3) - restriction: >= netstandard13
      System.Resources.ResourceManager (>= 4.3) - restriction: >= netstandard13
      System.Runtime (>= 4.3) - restriction: >= netstandard13
      System.Runtime.Extensions (>= 4.3) - restriction: >= netstandard13
      System.Runtime.Handles (>= 4.3) - restriction: >= netstandard13
      System.Runtime.InteropServices (>= 4.3) - restriction: >= netstandard13
      System.Text.Encoding (>= 4.3) - restriction: >= netstandard13
      System.Text.Encoding.Extensions (>= 4.3) - restriction: >= netstandard13
      System.Threading (>= 4.3) - restriction: >= netstandard13
      System.Threading.Tasks (>= 4.3) - restriction: >= netstandard13
    runtime.unix.System.Runtime.Extensions (4.3) - isRuntimeDependency: true
      runtime.native.System (>= 4.3) - restriction: >= netstandard15
      runtime.native.System.Security.Cryptography.OpenSsl (>= 4.3) - restriction: >= netstandard15
      System.Private.Uri (>= 4.3) - restriction: >= netstandard15
    runtime.win.Microsoft.Win32.Primitives (4.3) - isRuntimeDependency: true
      System.Runtime (>= 4.3) - restriction: && (< net20) (>= netstandard13)
      System.Runtime.InteropServices (>= 4.3) - restriction: && (< net20) (>= netstandard13)
    runtime.win.System.Console (4.3) - isRuntimeDependency: true
      System.IO (>= 4.3) - restriction: || (&& (< net20) (>= netstandard13)) (>= dnxcore50)
      System.IO.FileSystem.Primitives (>= 4.3) - restriction: || (&& (< net20) (>= netstandard13)) (>= dnxcore50)
      System.Resources.ResourceManager (>= 4.3) - restriction: || (&& (< net20) (>= netstandard13)) (>= dnxcore50)
      System.Runtime (>= 4.3) - restriction: || (&& (< net20) (>= netstandard13)) (>= dnxcore50)
      System.Runtime.InteropServices (>= 4.3) - restriction: && (< net20) (>= netstandard13)
      System.Text.Encoding (>= 4.3) - restriction: || (&& (< net20) (>= netstandard13)) (>= dnxcore50)
      System.Text.Encoding.Extensions (>= 4.3) - restriction: || (&& (< net20) (>= netstandard13)) (>= dnxcore50)
      System.Threading (>= 4.3) - restriction: || (&& (< net20) (>= netstandard13)) (>= dnxcore50)
      System.Threading.Tasks (>= 4.3) - restriction: || (&& (< net20) (>= netstandard13)) (>= dnxcore50)
    runtime.win.System.Diagnostics.Debug (4.3) - isRuntimeDependency: true
    runtime.win.System.IO.FileSystem (4.3) - isRuntimeDependency: true
      System.Buffers (>= 4.3) - restriction: || (&& (< net20) (>= netstandard13) (< win8) (< wpa81)) (>= dnxcore50)
      System.Collections (>= 4.3) - restriction: || (&& (< net20) (>= netstandard13) (< win8) (< wpa81)) (>= dnxcore50)
      System.Diagnostics.Debug (>= 4.3) - restriction: || (&& (< net20) (>= netstandard13) (< win8) (< wpa81)) (>= dnxcore50)
      System.IO (>= 4.3) - restriction: || (&& (< net20) (>= netstandard13) (< win8) (< wpa81)) (>= dnxcore50)
      System.IO.FileSystem.Primitives (>= 4.3) - restriction: || (&& (< net20) (>= netstandard13) (< win8) (< wpa81)) (>= dnxcore50)
      System.Resources.ResourceManager (>= 4.3) - restriction: || (&& (< net20) (>= netstandard13) (< win8) (< wpa81)) (>= dnxcore50)
      System.Runtime (>= 4.3) - restriction: || (&& (< net20) (>= netstandard13) (< win8) (< wpa81)) (>= dnxcore50)
      System.Runtime.Extensions (>= 4.3) - restriction: || (&& (< net20) (>= netstandard13) (< win8) (< wpa81)) (>= dnxcore50)
      System.Runtime.Handles (>= 4.3) - restriction: || (&& (< net20) (>= netstandard13) (< win8) (< wpa81)) (>= dnxcore50)
      System.Runtime.InteropServices (>= 4.3) - restriction: || (&& (< net20) (>= netstandard13) (< win8) (< wpa81)) (>= dnxcore50)
      System.Runtime.WindowsRuntime (>= 4.3) - restriction: >= dnxcore50
      System.Text.Encoding (>= 4.3) - restriction: || (&& (< net20) (>= netstandard13) (< win8) (< wpa81)) (>= dnxcore50)
      System.Text.Encoding.Extensions (>= 4.3) - restriction: || (&& (< net20) (>= netstandard13) (< win8) (< wpa81)) (>= dnxcore50)
      System.Threading (>= 4.3) - restriction: || (&& (< net20) (>= netstandard13) (< win8) (< wpa81)) (>= dnxcore50)
      System.Threading.Overlapped (>= 4.3) - restriction: || (&& (< net20) (>= netstandard13) (< win8) (< wpa81)) (>= dnxcore50)
      System.Threading.Tasks (>= 4.3) - restriction: || (&& (< net20) (>= netstandard13) (< win8) (< wpa81)) (>= dnxcore50)
    runtime.win.System.Runtime.Extensions (4.3) - isRuntimeDependency: true
      System.Private.Uri (>= 4.3) - restriction: || (&& (< net20) (>= netstandard15)) (>= dnxcore50)
    System.AppContext (4.3) - restriction: && (< net46) (>= netstandard13)
      System.Runtime (>= 4.3) - restriction: || (&& (< net46) (>= netstandard13)) (>= dnxcore50) (>= netstandard16)
    System.Buffers (4.3) - restriction: || (>= dnxcore50) (>= netstandard13), isRuntimeDependency: true
      System.Diagnostics.Debug (>= 4.3) - restriction: && (< net45) (>= netstandard11) (< win8) (< wpa81)
      System.Diagnostics.Tracing (>= 4.3) - restriction: && (< net45) (>= netstandard11) (< win8) (< wpa81)
      System.Resources.ResourceManager (>= 4.3) - restriction: && (< net45) (>= netstandard11) (< win8) (< wpa81)
      System.Runtime (>= 4.3) - restriction: && (< net45) (>= netstandard11) (< win8) (< wpa81)
      System.Threading (>= 4.3) - restriction: && (< net45) (>= netstandard11) (< win8) (< wpa81)
    System.Collections (4.3) - restriction: || (&& (< net46) (>= netstandard14)) (&& (>= dnxcore50) (>= netstandard14)) (&& (>= dnxcore50) (>= netstandard16)) (>= netstandard13) (&& (>= netstandard16) (< netcore11))
      Microsoft.NETCore.Platforms (>= 1.1) - restriction: || (&& (< net45) (>= netstandard10) (< netstandard13) (< win8) (< wp8) (< wpa81)) (&& (< net45) (>= netstandard13) (< win8) (< wpa81)) (>= dnxcore50)
      Microsoft.NETCore.Targets (>= 1.1) - restriction: || (&& (< net45) (>= netstandard10) (< netstandard13) (< win8) (< wp8) (< wpa81)) (&& (< net45) (>= netstandard13) (< win8) (< wpa81)) (>= dnxcore50)
      System.Runtime (>= 4.3) - restriction: || (&& (< net45) (>= netstandard10) (< netstandard13) (< win8) (< wp8) (< wpa81)) (&& (< net45) (>= netstandard13) (< win8) (< wpa81)) (>= dnxcore50)
    System.Collections.Concurrent (4.3) - restriction: || (&& (< net45) (>= netstandard13) (< win8) (< wpa81)) (&& (< net46) (>= netstandard13)) (&& (>= dnxcore50) (>= netstandard13))
      System.Collections (>= 4.3) - restriction: || (&& (< net45) (>= netstandard13) (< win8) (< wpa81)) (>= dnxcore50)
      System.Diagnostics.Debug (>= 4.3) - restriction: || (&& (< net45) (>= netstandard13) (< win8) (< wpa81)) (>= dnxcore50)
      System.Diagnostics.Tracing (>= 4.3) - restriction: || (&& (< net45) (>= netstandard13) (< win8) (< wpa81)) (>= dnxcore50)
      System.Globalization (>= 4.3) - restriction: || (&& (< net45) (>= netstandard13) (< win8) (< wpa81)) (>= dnxcore50)
      System.Reflection (>= 4.3) - restriction: && (< net45) (>= netstandard13) (< win8) (< wpa81)
      System.Resources.ResourceManager (>= 4.3) - restriction: || (&& (< net45) (>= netstandard13) (< win8) (< wpa81)) (>= dnxcore50)
      System.Runtime (>= 4.3) - restriction: || (&& (< net45) (>= netstandard11) (< netstandard13) (< win8) (< wpa81)) (&& (< net45) (>= netstandard13) (< win8) (< wpa81)) (>= dnxcore50)
      System.Runtime.Extensions (>= 4.3) - restriction: || (&& (< net45) (>= netstandard13) (< win8) (< wpa81)) (>= dnxcore50)
      System.Threading (>= 4.3) - restriction: || (&& (< net45) (>= netstandard13) (< win8) (< wpa81)) (>= dnxcore50)
      System.Threading.Tasks (>= 4.3) - restriction: || (&& (< net45) (>= netstandard11) (< netstandard13) (< win8) (< wpa81)) (&& (< net45) (>= netstandard13) (< win8) (< wpa81)) (>= dnxcore50)
    System.Collections.NonGeneric (4.3) - restriction: && (< net46) (>= netstandard13)
      System.Diagnostics.Debug (>= 4.3) - restriction: && (< net46) (>= netstandard13)
      System.Globalization (>= 4.3) - restriction: && (< net46) (>= netstandard13)
      System.Resources.ResourceManager (>= 4.3) - restriction: && (< net46) (>= netstandard13)
      System.Runtime (>= 4.3) - restriction: && (< net46) (>= netstandard13)
      System.Runtime.Extensions (>= 4.3) - restriction: && (< net46) (>= netstandard13)
      System.Threading (>= 4.3) - restriction: && (< net46) (>= netstandard13)
    System.Console (4.3) - restriction: && (< net46) (>= netstandard13)
      Microsoft.NETCore.Platforms (>= 1.1) - restriction: && (< net46) (>= netstandard13)
      Microsoft.NETCore.Targets (>= 1.1) - restriction: && (< net46) (>= netstandard13)
      System.IO (>= 4.3) - restriction: && (< net46) (>= netstandard13)
      System.Runtime (>= 4.3) - restriction: && (< net46) (>= netstandard13)
      System.Text.Encoding (>= 4.3) - restriction: && (< net46) (>= netstandard13)
    System.Diagnostics.Debug (4.3) - restriction: || (&& (< net46) (>= netstandard14)) (&& (>= dnxcore50) (>= netstandard14)) (>= netstandard13)
      Microsoft.NETCore.Platforms (>= 1.1) - restriction: || (&& (< net45) (>= netstandard10) (< netstandard13) (< win8) (< wp8) (< wpa81)) (&& (< net45) (>= netstandard13) (< win8) (< wpa81)) (>= dnxcore50)
      Microsoft.NETCore.Targets (>= 1.1) - restriction: || (&& (< net45) (>= netstandard10) (< netstandard13) (< win8) (< wp8) (< wpa81)) (&& (< net45) (>= netstandard13) (< win8) (< wpa81)) (>= dnxcore50)
      System.Runtime (>= 4.3) - restriction: || (&& (< net45) (>= netstandard10) (< netstandard13) (< win8) (< wp8) (< wpa81)) (&& (< net45) (>= netstandard13) (< win8) (< wpa81)) (>= dnxcore50)
    System.Diagnostics.Process (4.3) - restriction: && (< net46) (>= netstandard13)
      Microsoft.NETCore.Platforms (>= 1.1) - restriction: && (< net46) (>= netstandard14)
      Microsoft.Win32.Primitives (>= 4.3) - restriction: && (< net46) (>= netstandard14)
      Microsoft.Win32.Registry (>= 4.3) - restriction: && (< net46) (>= netstandard14)
      runtime.native.System (>= 4.3) - restriction: && (< net46) (>= netstandard14)
      System.Collections (>= 4.3) - restriction: && (< net46) (>= netstandard14)
      System.Diagnostics.Debug (>= 4.3) - restriction: && (< net46) (>= netstandard14)
      System.Globalization (>= 4.3) - restriction: && (< net46) (>= netstandard14)
      System.IO (>= 4.3) - restriction: || (&& (< net46) (>= netstandard13) (< netstandard14)) (&& (< net46) (>= netstandard14))
      System.IO.FileSystem (>= 4.3) - restriction: && (< net46) (>= netstandard14)
      System.IO.FileSystem.Primitives (>= 4.3) - restriction: && (< net46) (>= netstandard14)
      System.Resources.ResourceManager (>= 4.3) - restriction: && (< net46) (>= netstandard14)
      System.Runtime (>= 4.3) - restriction: || (&& (< net46) (>= netstandard13) (< netstandard14)) (&& (< net46) (>= netstandard14))
      System.Runtime.Extensions (>= 4.3) - restriction: && (< net46) (>= netstandard14)
      System.Runtime.Handles (>= 4.3) - restriction: || (&& (< net46) (>= netstandard13) (< netstandard14)) (&& (< net46) (>= netstandard14))
      System.Runtime.InteropServices (>= 4.3) - restriction: && (< net46) (>= netstandard14)
      System.Text.Encoding (>= 4.3) - restriction: || (&& (< net46) (>= netstandard13) (< netstandard14)) (&& (< net46) (>= netstandard14))
      System.Text.Encoding.Extensions (>= 4.3) - restriction: && (< net46) (>= netstandard14)
      System.Threading (>= 4.3) - restriction: && (< net46) (>= netstandard14)
      System.Threading.Tasks (>= 4.3) - restriction: && (< net46) (>= netstandard14)
      System.Threading.Thread (>= 4.3) - restriction: && (< net46) (>= netstandard14)
      System.Threading.ThreadPool (>= 4.3) - restriction: && (< net46) (>= netstandard14)
    System.Diagnostics.Tools (4.3) - restriction: || (&& (< net45) (>= netstandard13) (< win8) (< wpa81)) (&& (>= dnxcore50) (>= netstandard13))
      Microsoft.NETCore.Platforms (>= 1.1) - restriction: || (&& (< net45) (>= netstandard10) (< win8) (< wp8) (< wpa81)) (>= dnxcore50)
      Microsoft.NETCore.Targets (>= 1.1) - restriction: || (&& (< net45) (>= netstandard10) (< win8) (< wp8) (< wpa81)) (>= dnxcore50)
      System.Runtime (>= 4.3) - restriction: || (&& (< net45) (>= netstandard10) (< win8) (< wp8) (< wpa81)) (>= dnxcore50)
    System.Diagnostics.TraceSource (4.3) - restriction: && (< net46) (>= netstandard13)
      Microsoft.NETCore.Platforms (>= 1.1) - restriction: && (< net46) (>= netstandard13)
      runtime.native.System (>= 4.3) - restriction: && (< net46) (>= netstandard13)
      System.Collections (>= 4.3) - restriction: && (< net46) (>= netstandard13)
      System.Diagnostics.Debug (>= 4.3) - restriction: && (< net46) (>= netstandard13)
      System.Globalization (>= 4.3) - restriction: && (< net46) (>= netstandard13)
      System.Resources.ResourceManager (>= 4.3) - restriction: && (< net46) (>= netstandard13)
      System.Runtime (>= 4.3) - restriction: && (< net46) (>= netstandard13)
      System.Runtime.Extensions (>= 4.3) - restriction: && (< net46) (>= netstandard13)
      System.Threading (>= 4.3) - restriction: && (< net46) (>= netstandard13)
    System.Diagnostics.Tracing (4.3) - restriction: || (&& (< net45) (>= netstandard13) (< win8) (< wpa81)) (&& (>= dnxcore50) (>= netstandard13))
      Microsoft.NETCore.Platforms (>= 1.1) - restriction: || (&& (< net45) (>= netstandard11) (< netstandard12) (< win8)) (&& (< net45) (>= netstandard12) (< netstandard13) (< win8) (< wpa81)) (&& (< net45) (>= netstandard13) (< netstandard15) (< win8) (< wpa81)) (&& (< net45) (>= netstandard15)) (>= dnxcore50)
      Microsoft.NETCore.Targets (>= 1.1) - restriction: || (&& (< net45) (>= netstandard11) (< netstandard12) (< win8)) (&& (< net45) (>= netstandard12) (< netstandard13) (< win8) (< wpa81)) (&& (< net45) (>= netstandard13) (< netstandard15) (< win8) (< wpa81)) (&& (< net45) (>= netstandard15)) (>= dnxcore50)
      System.Runtime (>= 4.3) - restriction: || (&& (< net45) (>= netstandard11) (< netstandard12) (< win8)) (&& (< net45) (>= netstandard12) (< netstandard13) (< win8) (< wpa81)) (&& (< net45) (>= netstandard13) (< netstandard15) (< win8) (< wpa81)) (&& (< net45) (>= netstandard15)) (>= dnxcore50)
    System.Globalization (4.3) - restriction: || (&& (< net45) (>= netstandard14) (< win8) (< wpa81)) (&& (< net46) (>= netstandard14)) (&& (>= dnxcore50) (>= netstandard14)) (&& (>= dnxcore50) (>= netstandard16)) (>= netstandard13) (&& (>= netstandard16) (< netcore11))
      Microsoft.NETCore.Platforms (>= 1.1) - restriction: || (&& (< net45) (>= netstandard10) (< netstandard13) (< win8) (< wp8) (< wpa81)) (&& (< net45) (>= netstandard13) (< win8) (< wpa81)) (>= dnxcore50)
      Microsoft.NETCore.Targets (>= 1.1) - restriction: || (&& (< net45) (>= netstandard10) (< netstandard13) (< win8) (< wp8) (< wpa81)) (&& (< net45) (>= netstandard13) (< win8) (< wpa81)) (>= dnxcore50)
      System.Runtime (>= 4.3) - restriction: || (&& (< net45) (>= netstandard10) (< netstandard13) (< win8) (< wp8) (< wpa81)) (&& (< net45) (>= netstandard13) (< win8) (< wpa81)) (>= dnxcore50)
    System.IO (4.3) - restriction: || (&& (< net20) (>= netstandard13) (< win8) (< wpa81)) (&& (< net20) (>= netstandard14) (< win8) (< wpa81)) (&& (< net20) (>= netstandard15)) (&& (< net45) (>= net462)) (&& (< net45) (< netstandard12) (>= netstandard13) (< win8)) (&& (< net45) (< netstandard12) (>= netstandard14) (< win8)) (&& (< net45) (>= netstandard13) (< win8) (< wpa81)) (&& (< net45) (>= netstandard14) (< win8) (< wpa81)) (&& (< net45) (>= netstandard15)) (&& (< net46) (>= netstandard13)) (&& (< net46) (>= netstandard14)) (&& (>= net462) (>= dnxcore50)) (&& (>= dnxcore50) (>= netstandard13)) (&& (>= dnxcore50) (>= netstandard14)) (&& (>= dnxcore50) (>= netstandard15)) (>= netcore11)
      Microsoft.NETCore.Platforms (>= 1.1) - restriction: || (&& (< net45) (>= netstandard10) (< netstandard13) (< win8) (< wp8) (< wpa81)) (&& (< net45) (>= netstandard13) (< netstandard15) (< win8) (< wpa81)) (&& (< net45) (>= netstandard15)) (>= dnxcore50)
      Microsoft.NETCore.Targets (>= 1.1) - restriction: || (&& (< net45) (>= netstandard10) (< netstandard13) (< win8) (< wp8) (< wpa81)) (&& (< net45) (>= netstandard13) (< netstandard15) (< win8) (< wpa81)) (&& (< net45) (>= netstandard15)) (>= dnxcore50)
      System.Runtime (>= 4.3) - restriction: || (&& (< net45) (>= netstandard10) (< netstandard13) (< win8) (< wp8) (< wpa81)) (&& (< net45) (>= netstandard13) (< netstandard15) (< win8) (< wpa81)) (&& (< net45) (>= netstandard15)) (>= dnxcore50)
      System.Text.Encoding (>= 4.3) - restriction: || (&& (< net45) (>= netstandard10) (< netstandard13) (< win8) (< wp8) (< wpa81)) (&& (< net45) (>= netstandard13) (< netstandard15) (< win8) (< wpa81)) (&& (< net45) (>= netstandard15)) (>= dnxcore50)
      System.Threading.Tasks (>= 4.3) - restriction: || (&& (< net45) (>= netstandard10) (< netstandard13) (< win8) (< wp8) (< wpa81)) (&& (< net45) (>= netstandard13) (< netstandard15) (< win8) (< wpa81)) (&& (< net45) (>= netstandard15)) (>= dnxcore50)
    System.IO.FileSystem (4.3) - restriction: || (&& (< net45) (>= netstandard13) (< win8) (< wpa81)) (&& (< net45) (>= netstandard14) (< win8) (< wpa81)) (&& (< net46) (>= netstandard13)) (&& (< net46) (>= netstandard14)) (&& (>= dnxcore50) (>= netstandard13)) (&& (>= dnxcore50) (>= netstandard14))
      Microsoft.NETCore.Platforms (>= 1.1) - restriction: && (< net46) (>= netstandard13)
      Microsoft.NETCore.Targets (>= 1.1) - restriction: && (< net46) (>= netstandard13)
      System.IO (>= 4.3) - restriction: && (< net46) (>= netstandard13)
      System.IO.FileSystem.Primitives (>= 4.3) - restriction: >= netstandard13
      System.Runtime (>= 4.3) - restriction: && (< net46) (>= netstandard13)
      System.Runtime.Handles (>= 4.3) - restriction: && (< net46) (>= netstandard13)
      System.Text.Encoding (>= 4.3) - restriction: && (< net46) (>= netstandard13)
      System.Threading.Tasks (>= 4.3) - restriction: && (< net46) (>= netstandard13)
    System.IO.FileSystem.Primitives (4.3) - restriction: || (&& (< net20) (>= netstandard13) (< win8) (< wpa81)) (&& (< net20) (>= netstandard14) (< win8) (< wpa81)) (&& (< net45) (>= netstandard13) (< win8) (< wpa81)) (&& (< net45) (>= netstandard14) (< win8) (< wpa81)) (&& (< net46) (>= netstandard13)) (&& (< net46) (>= netstandard14)) (&& (>= dnxcore50) (>= netstandard13)) (&& (>= dnxcore50) (>= netstandard14))
      System.Runtime (>= 4.3) - restriction: && (< net46) (>= netstandard13)
    System.Linq (4.3) - restriction: || (&& (< net45) (>= netstandard13) (< win8) (< wpa81)) (&& (< net46) (>= netstandard13)) (&& (>= dnxcore50) (>= netstandard13))
      System.Collections (>= 4.3) - restriction: || (&& (< net45) (>= netstandard10) (< win8) (< wp8) (< wpa81)) (>= dnxcore50) (>= netstandard16)
      System.Diagnostics.Debug (>= 4.3) - restriction: || (>= dnxcore50) (>= netstandard16)
      System.Resources.ResourceManager (>= 4.3) - restriction: || (>= dnxcore50) (>= netstandard16)
      System.Runtime (>= 4.3) - restriction: || (&& (< net45) (>= netstandard10) (< win8) (< wp8) (< wpa81)) (>= dnxcore50) (>= netstandard16)
      System.Runtime.Extensions (>= 4.3) - restriction: || (>= dnxcore50) (>= netstandard16)
    System.ObjectModel (4.3) - restriction: && (< net46) (>= netstandard13)
      System.Collections (>= 4.3) - restriction: || (&& (< net45) (>= netstandard13) (< win8) (< wpa81)) (>= dnxcore50)
      System.Diagnostics.Debug (>= 4.3) - restriction: || (&& (< net45) (>= netstandard13) (< win8) (< wpa81)) (>= dnxcore50)
      System.Resources.ResourceManager (>= 4.3) - restriction: || (&& (< net45) (>= netstandard13) (< win8) (< wpa81)) (>= dnxcore50)
      System.Runtime (>= 4.3) - restriction: || (&& (< net45) (>= netstandard10) (< netstandard13) (< win8) (< wp8) (< wpa81)) (&& (< net45) (>= netstandard13) (< win8) (< wpa81)) (>= dnxcore50)
      System.Threading (>= 4.3) - restriction: || (&& (< net45) (>= netstandard13) (< win8) (< wpa81)) (>= dnxcore50)
    System.Private.DataContractSerialization (4.3) - restriction: || (&& (< net45) (>= netstandard13) (< win8) (< wpa81)) (&& (>= dnxcore50) (>= netstandard13))
      System.Collections (>= 4.3) - restriction: || (&& (< net46) (>= netstandard13)) (>= dnxcore50)
      System.Collections.Concurrent (>= 4.3) - restriction: || (&& (< net46) (>= netstandard13)) (>= dnxcore50)
      System.Diagnostics.Debug (>= 4.3) - restriction: || (&& (< net46) (>= netstandard13)) (>= dnxcore50)
      System.Globalization (>= 4.3) - restriction: || (&& (< net46) (>= netstandard13)) (>= dnxcore50)
      System.IO (>= 4.3) - restriction: || (&& (< net46) (>= netstandard13)) (>= dnxcore50)
      System.Linq (>= 4.3) - restriction: || (&& (< net46) (>= netstandard13)) (>= dnxcore50)
      System.Reflection (>= 4.3) - restriction: || (&& (< net46) (>= netstandard13)) (>= dnxcore50)
      System.Reflection.Emit.ILGeneration (>= 4.3) - restriction: && (< net46) (>= netstandard13)
      System.Reflection.Emit.Lightweight (>= 4.3) - restriction: && (< net46) (>= netstandard13)
      System.Reflection.Extensions (>= 4.3) - restriction: || (&& (< net46) (>= netstandard13)) (>= dnxcore50)
      System.Reflection.Primitives (>= 4.3) - restriction: || (&& (< net46) (>= netstandard13)) (>= dnxcore50)
      System.Reflection.TypeExtensions (>= 4.3) - restriction: || (>= dnxcore50) (>= netstandard13)
      System.Resources.ResourceManager (>= 4.3) - restriction: || (&& (< net46) (>= netstandard13)) (>= dnxcore50)
      System.Runtime (>= 4.3) - restriction: || (&& (< net46) (>= netstandard13)) (>= dnxcore50)
      System.Runtime.Extensions (>= 4.3) - restriction: || (&& (< net46) (>= netstandard13)) (>= dnxcore50)
      System.Runtime.Serialization.Primitives (>= 4.3) - restriction: || (>= dnxcore50) (>= netstandard13)
      System.Text.Encoding (>= 4.3) - restriction: || (&& (< net46) (>= netstandard13)) (>= dnxcore50)
      System.Text.Encoding.Extensions (>= 4.3) - restriction: || (&& (< net46) (>= netstandard13)) (>= dnxcore50)
      System.Text.RegularExpressions (>= 4.3) - restriction: || (&& (< net46) (>= netstandard13)) (>= dnxcore50)
      System.Threading (>= 4.3) - restriction: || (&& (< net46) (>= netstandard13)) (>= dnxcore50)
      System.Threading.Tasks (>= 4.3) - restriction: || (&& (< net46) (>= netstandard13)) (>= dnxcore50)
      System.Xml.ReaderWriter (>= 4.3) - restriction: || (&& (< net46) (>= netstandard13)) (>= dnxcore50)
      System.Xml.XDocument (>= 4.3) - restriction: || (&& (< net46) (>= netstandard13)) (>= dnxcore50)
      System.Xml.XmlDocument (>= 4.3) - restriction: || (>= dnxcore50) (>= netstandard13)
      System.Xml.XmlSerializer (>= 4.3) - restriction: || (&& (< net46) (>= netstandard13)) (>= dnxcore50)
    System.Private.Uri (4.3) - restriction: || (>= dnxcore50) (>= netstandard15), isRuntimeDependency: true
      Microsoft.NETCore.Platforms (>= 1.1)
      Microsoft.NETCore.Targets (>= 1.1)
    System.Reflection (4.3) - restriction: || (&& (< net45) (>= net462)) (&& (< net45) (< netstandard12) (>= netstandard13) (< win8)) (&& (< net45) (< netstandard12) (>= netstandard14) (< win8)) (&& (< net45) (>= netstandard13) (< win8) (< wpa81)) (&& (< net45) (>= netstandard14) (< win8) (< wpa81)) (&& (< net45) (>= netstandard15)) (&& (< net46) (>= net462)) (&& (< net46) (>= netstandard13)) (&& (< net46) (>= netstandard15)) (&& (>= net462) (>= dnxcore50)) (&& (>= net462) (>= netcore11)) (&& (>= dnxcore50) (>= netstandard13)) (&& (>= dnxcore50) (>= netstandard14)) (&& (>= dnxcore50) (>= netstandard15)) (&& (>= dnxcore50) (>= netcore11)) (&& (< netstandard12) (>= netcore11)) (>= netstandard16)
      Microsoft.NETCore.Platforms (>= 1.1) - restriction: || (&& (< net45) (>= netstandard10) (< netstandard13) (< win8) (< wp8) (< wpa81)) (&& (< net45) (>= netstandard13) (< netstandard15) (< win8) (< wpa81)) (&& (< net45) (>= netstandard15)) (>= dnxcore50)
      Microsoft.NETCore.Targets (>= 1.1) - restriction: || (&& (< net45) (>= netstandard10) (< netstandard13) (< win8) (< wp8) (< wpa81)) (&& (< net45) (>= netstandard13) (< netstandard15) (< win8) (< wpa81)) (&& (< net45) (>= netstandard15)) (>= dnxcore50)
      System.IO (>= 4.3) - restriction: || (&& (< net45) (>= netstandard10) (< netstandard13) (< win8) (< wp8) (< wpa81)) (&& (< net45) (>= netstandard13) (< netstandard15) (< win8) (< wpa81)) (&& (< net45) (>= netstandard15)) (>= dnxcore50)
      System.Reflection.Primitives (>= 4.3) - restriction: || (&& (< net45) (>= netstandard10) (< netstandard13) (< win8) (< wp8) (< wpa81)) (&& (< net45) (>= netstandard13) (< netstandard15) (< win8) (< wpa81)) (&& (< net45) (>= netstandard15)) (>= dnxcore50)
      System.Runtime (>= 4.3) - restriction: || (&& (< net45) (>= netstandard10) (< netstandard13) (< win8) (< wp8) (< wpa81)) (&& (< net45) (>= netstandard13) (< netstandard15) (< win8) (< wpa81)) (&& (< net45) (>= netstandard15)) (>= dnxcore50)
    System.Reflection.Emit (4.3) - restriction: || (&& (< net45) (>= netstandard13) (< win8) (< wpa81)) (&& (>= dnxcore50) (>= netstandard13))
      System.IO (>= 4.3) - restriction: && (< net45) (>= netstandard11)
      System.Reflection (>= 4.3) - restriction: && (< net45) (>= netstandard11)
      System.Reflection.Emit.ILGeneration (>= 4.3) - restriction: && (< net45) (>= netstandard11)
      System.Reflection.Primitives (>= 4.3) - restriction: && (< net45) (>= netstandard11)
      System.Runtime (>= 4.3) - restriction: && (< net45) (>= netstandard11)
    System.Reflection.Emit.ILGeneration (4.3) - restriction: || (&& (< net45) (>= netstandard13) (< win8) (< wpa81)) (&& (>= dnxcore50) (>= netstandard13))
      System.Reflection (>= 4.3) - restriction: && (< net45) (>= netstandard10) (< wp8)
      System.Reflection.Primitives (>= 4.3) - restriction: && (< net45) (>= netstandard10) (< wp8)
      System.Runtime (>= 4.3) - restriction: && (< net45) (>= netstandard10) (< wp8)
    System.Reflection.Emit.Lightweight (4.3) - restriction: || (&& (< net45) (>= netstandard13) (< win8) (< wpa81)) (&& (>= dnxcore50) (>= netstandard13))
      System.Reflection (>= 4.3) - restriction: && (< net45) (>= netstandard10) (< wp8)
      System.Reflection.Emit.ILGeneration (>= 4.3) - restriction: && (< net45) (>= netstandard10) (< wp8)
      System.Reflection.Primitives (>= 4.3) - restriction: && (< net45) (>= netstandard10) (< wp8)
      System.Runtime (>= 4.3) - restriction: && (< net45) (>= netstandard10) (< wp8)
    System.Reflection.Extensions (4.3) - restriction: || (&& (< net45) (>= netstandard13) (< win8) (< wpa81)) (&& (>= dnxcore50) (>= netstandard13))
      Microsoft.NETCore.Platforms (>= 1.1) - restriction: || (&& (< net45) (>= netstandard10) (< win8) (< wp8) (< wpa81)) (>= dnxcore50)
      Microsoft.NETCore.Targets (>= 1.1) - restriction: || (&& (< net45) (>= netstandard10) (< win8) (< wp8) (< wpa81)) (>= dnxcore50)
      System.Reflection (>= 4.3) - restriction: || (&& (< net45) (>= netstandard10) (< win8) (< wp8) (< wpa81)) (>= dnxcore50)
      System.Runtime (>= 4.3) - restriction: || (&& (< net45) (>= netstandard10) (< win8) (< wp8) (< wpa81)) (>= dnxcore50)
    System.Reflection.Primitives (4.3) - restriction: || (&& (< net45) (>= net462)) (&& (< net45) (< netstandard12) (>= netstandard13) (< win8)) (&& (< net45) (>= netstandard13) (< netstandard15) (< win8) (< wpa81)) (&& (< net45) (>= netstandard15)) (&& (>= net462) (>= dnxcore50)) (&& (>= dnxcore50) (>= netstandard13)) (&& (>= dnxcore50) (>= netstandard15)) (>= netcore11)
      Microsoft.NETCore.Platforms (>= 1.1) - restriction: || (&& (< net45) (>= netstandard10) (< win8) (< wp8) (< wpa81)) (>= dnxcore50)
      Microsoft.NETCore.Targets (>= 1.1) - restriction: || (&& (< net45) (>= netstandard10) (< win8) (< wp8) (< wpa81)) (>= dnxcore50)
      System.Runtime (>= 4.3) - restriction: || (&& (< net45) (>= netstandard10) (< win8) (< wp8) (< wpa81)) (>= dnxcore50)
    System.Reflection.TypeExtensions (4.3) - restriction: || (&& (< net45) (>= netstandard13) (< win8) (< wpa81)) (&& (< net46) (>= netstandard13)) (&& (>= dnxcore50) (>= netstandard13))
      System.Reflection (>= 4.3) - restriction: || (&& (< net46) (>= netstandard13) (< netstandard15)) (&& (< net46) (>= netstandard15)) (>= net462) (>= dnxcore50)
      System.Runtime (>= 4.3) - restriction: || (&& (< net46) (>= netstandard13) (< netstandard15)) (&& (< net46) (>= netstandard15)) (>= dnxcore50)
    System.Resources.Reader (4.3) - restriction: && (< net46) (>= netstandard13)
      System.IO (>= 4.3) - restriction: && (< net45) (>= netstandard10) (< win8) (< wp8) (< wpa81)
      System.Resources.ResourceManager (>= 4.3) - restriction: && (< net45) (>= netstandard10) (< win8) (< wp8) (< wpa81)
      System.Runtime (>= 4.3) - restriction: && (< net45) (>= netstandard10) (< win8) (< wp8) (< wpa81)
      System.Text.Encoding (>= 4.3) - restriction: && (< net45) (>= netstandard10) (< win8) (< wp8) (< wpa81)
      System.Threading (>= 4.3) - restriction: && (< net45) (>= netstandard10) (< win8) (< wp8) (< wpa81)
    System.Resources.ResourceManager (4.3) - restriction: || (&& (< net20) (>= netstandard13) (< win8) (< wpa81)) (&& (< net20) (>= netstandard14) (< win8) (< wpa81)) (&& (< net45) (>= netstandard13) (< win8) (< wpa81)) (&& (< net45) (>= netstandard14) (< win8) (< wpa81)) (&& (< net46) (>= netstandard13)) (&& (< net46) (>= netstandard14)) (&& (>= dnxcore50) (>= netstandard13)) (&& (>= dnxcore50) (>= netstandard14)) (>= netstandard16)
      Microsoft.NETCore.Platforms (>= 1.1) - restriction: || (&& (< net45) (>= netstandard10) (< win8) (< wp8) (< wpa81)) (>= dnxcore50)
      Microsoft.NETCore.Targets (>= 1.1) - restriction: || (&& (< net45) (>= netstandard10) (< win8) (< wp8) (< wpa81)) (>= dnxcore50)
      System.Globalization (>= 4.3) - restriction: || (&& (< net45) (>= netstandard10) (< win8) (< wp8) (< wpa81)) (>= dnxcore50)
      System.Reflection (>= 4.3) - restriction: || (&& (< net45) (>= netstandard10) (< win8) (< wp8) (< wpa81)) (>= dnxcore50)
      System.Runtime (>= 4.3) - restriction: || (&& (< net45) (>= netstandard10) (< win8) (< wp8) (< wpa81)) (>= dnxcore50)
    System.Runtime (4.3) - restriction: || (&& (< net45) (>= net462)) (&& (< net45) (< netstandard12) (>= netstandard14) (< win8)) (&& (< net45) (>= netstandard14) (< win8) (< wpa81)) (&& (< net45) (>= netstandard15)) (&& (< net46) (>= net462)) (&& (< net46) (>= netstandard14)) (&& (< net46) (>= netstandard15)) (&& (>= net462) (>= dnxcore50)) (&& (>= net462) (>= netstandard16)) (&& (>= dnxcore50) (>= netstandard14)) (&& (>= dnxcore50) (>= netstandard15)) (&& (>= dnxcore50) (>= netstandard16)) (&& (< netstandard12) (>= netstandard16)) (>= netstandard13) (&& (>= netstandard16) (< netcore11))
      Microsoft.NETCore.Platforms (>= 1.1) - restriction: || (&& (< net45) (>= netstandard10) (< netstandard12) (< win8) (< wp8)) (&& (< net45) (>= netstandard12) (< netstandard13) (< win8) (< wpa81)) (&& (< net45) (>= netstandard13) (< netstandard15) (< win8) (< wpa81)) (&& (< net45) (>= netstandard15)) (>= dnxcore50)
      Microsoft.NETCore.Targets (>= 1.1) - restriction: || (&& (< net45) (>= netstandard10) (< netstandard12) (< win8) (< wp8)) (&& (< net45) (>= netstandard12) (< netstandard13) (< win8) (< wpa81)) (&& (< net45) (>= netstandard13) (< netstandard15) (< win8) (< wpa81)) (&& (< net45) (>= netstandard15)) (>= dnxcore50)
    System.Runtime.Extensions (4.3) - restriction: || (&& (< net20) (>= netstandard13) (< win8) (< wpa81)) (&& (< net20) (>= netstandard14) (< win8) (< wpa81)) (&& (< net45) (>= netstandard13) (< win8) (< wpa81)) (&& (< net45) (>= netstandard14) (< win8) (< wpa81)) (&& (< net46) (>= netstandard13)) (&& (< net46) (>= netstandard14)) (&& (>= dnxcore50) (>= netstandard13)) (&& (>= dnxcore50) (>= netstandard14)) (>= netstandard16)
      Microsoft.NETCore.Platforms (>= 1.1) - restriction: || (&& (< net45) (>= netstandard10) (< netstandard13) (< win8) (< wp8) (< wpa81)) (&& (< net45) (>= netstandard13) (< netstandard15) (< win8) (< wpa81)) (&& (< net45) (>= netstandard15)) (>= dnxcore50)
      Microsoft.NETCore.Targets (>= 1.1) - restriction: || (&& (< net45) (>= netstandard10) (< netstandard13) (< win8) (< wp8) (< wpa81)) (&& (< net45) (>= netstandard13) (< netstandard15) (< win8) (< wpa81)) (&& (< net45) (>= netstandard15)) (>= dnxcore50)
      System.Runtime (>= 4.3) - restriction: || (&& (< net45) (>= netstandard10) (< netstandard13) (< win8) (< wp8) (< wpa81)) (&& (< net45) (>= netstandard13) (< netstandard15) (< win8) (< wpa81)) (&& (< net45) (>= netstandard15)) (>= dnxcore50)
    System.Runtime.Handles (4.3) - restriction: || (&& (< net20) (>= netstandard13) (< win8) (< wpa81)) (&& (< net20) (>= netstandard14) (< win8) (< wpa81)) (&& (< net20) (>= netstandard15)) (&& (< net45) (>= netstandard13) (< win8) (< wpa81)) (&& (< net45) (>= netstandard14) (< win8) (< wpa81)) (&& (< net45) (>= netstandard15)) (&& (< net46) (>= netstandard13)) (&& (< net46) (>= netstandard14)) (&& (>= dnxcore50) (>= netstandard13)) (&& (>= dnxcore50) (>= netstandard14)) (&& (>= dnxcore50) (>= netstandard15)) (>= netcore11)
      Microsoft.NETCore.Platforms (>= 1.1) - restriction: && (< net46) (>= netstandard13)
      Microsoft.NETCore.Targets (>= 1.1) - restriction: && (< net46) (>= netstandard13)
      System.Runtime (>= 4.3) - restriction: && (< net46) (>= netstandard13)
    System.Runtime.InteropServices (4.3) - restriction: || (&& (< net46) (>= netstandard14)) (&& (>= dnxcore50) (>= netstandard14)) (>= netstandard13)
      Microsoft.NETCore.Platforms (>= 1.1) - restriction: || (&& (< net45) (>= netstandard11) (< netstandard12) (< win8)) (&& (< net45) (>= netstandard12) (< netstandard13) (< win8) (< wpa81)) (&& (< net45) (>= netstandard13) (< netstandard15) (< win8) (< wpa81)) (&& (< net45) (>= netstandard15)) (>= dnxcore50) (>= netcore11)
      Microsoft.NETCore.Targets (>= 1.1) - restriction: || (&& (< net45) (>= netstandard11) (< netstandard12) (< win8)) (&& (< net45) (>= netstandard12) (< netstandard13) (< win8) (< wpa81)) (&& (< net45) (>= netstandard13) (< netstandard15) (< win8) (< wpa81)) (&& (< net45) (>= netstandard15)) (>= dnxcore50) (>= netcore11)
      System.Reflection (>= 4.3) - restriction: || (&& (< net45) (>= netstandard11) (< netstandard12) (< win8)) (&& (< net45) (>= netstandard12) (< netstandard13) (< win8) (< wpa81)) (&& (< net45) (>= netstandard13) (< netstandard15) (< win8) (< wpa81)) (&& (< net45) (>= netstandard15)) (>= dnxcore50) (>= netcore11)
      System.Reflection.Primitives (>= 4.3) - restriction: || (&& (< net45) (>= netstandard11) (< netstandard12) (< win8)) (&& (< net45) (>= netstandard12) (< netstandard13) (< win8) (< wpa81)) (&& (< net45) (>= netstandard13) (< netstandard15) (< win8) (< wpa81)) (&& (< net45) (>= netstandard15)) (>= dnxcore50) (>= netcore11)
      System.Runtime (>= 4.3) - restriction: || (&& (< net45) (>= netstandard11) (< netstandard12) (< win8)) (&& (< net45) (>= netstandard12) (< netstandard13) (< win8) (< wpa81)) (&& (< net45) (>= netstandard13) (< netstandard15) (< win8) (< wpa81)) (&& (< net45) (>= netstandard15)) (>= net462) (>= dnxcore50) (>= netcore11)
      System.Runtime.Handles (>= 4.3) - restriction: || (&& (< net45) (>= netstandard13) (< netstandard15) (< win8) (< wpa81)) (&& (< net45) (>= netstandard15)) (>= dnxcore50) (>= netcore11)
    System.Runtime.InteropServices.RuntimeInformation (4.3) - restriction: && (< net46) (>= netstandard13)
      runtime.native.System (>= 4.3) - restriction: && (< net45) (>= netstandard11) (< win8) (< wpa81)
      System.Reflection (>= 4.3) - restriction: || (&& (< net45) (>= netstandard11) (< win8) (< wpa81)) (>= dnxcore50)
      System.Reflection.Extensions (>= 4.3) - restriction: || (&& (< net45) (>= netstandard11) (< win8) (< wpa81)) (>= dnxcore50)
      System.Resources.ResourceManager (>= 4.3) - restriction: || (&& (< net45) (>= netstandard11) (< win8) (< wpa81)) (>= dnxcore50)
      System.Runtime (>= 4.3) - restriction: || (&& (< net45) (>= netstandard11) (< win8) (< wpa81)) (>= dnxcore50)
      System.Runtime.InteropServices (>= 4.3) - restriction: && (< net45) (>= netstandard11) (< win8) (< wpa81)
      System.Threading (>= 4.3) - restriction: || (&& (< net45) (>= netstandard11) (< win8) (< wpa81)) (>= dnxcore50)
    System.Runtime.Serialization.Primitives (4.3) - restriction: || (&& (< net45) (>= netstandard13) (< win8) (< wpa81)) (&& (< net46) (>= netstandard13)) (&& (>= dnxcore50) (>= netstandard13))
      System.Resources.ResourceManager (>= 4.3) - restriction: || (&& (< net45) (>= netstandard13) (< win8) (< wpa81)) (>= dnxcore50)
      System.Runtime (>= 4.3) - restriction: || (&& (< net45) (>= netstandard10) (< netstandard13) (< win8) (< wp8) (< wpa81)) (&& (< net45) (>= netstandard13) (< win8) (< wpa81)) (>= dnxcore50)
    System.Runtime.Serialization.Xml (4.3) - restriction: && (< net46) (>= netstandard13)
      System.IO (>= 4.3) - restriction: || (&& (< net45) (>= netstandard10) (< netstandard13) (< win8) (< wp8) (< wpa81)) (&& (< net45) (>= netstandard13) (< win8) (< wpa81)) (>= dnxcore50)
      System.Private.DataContractSerialization (>= 4.3) - restriction: || (&& (< net45) (>= netstandard13) (< win8) (< wpa81)) (>= dnxcore50)
      System.Runtime (>= 4.3) - restriction: || (&& (< net45) (>= netstandard10) (< netstandard13) (< win8) (< wp8) (< wpa81)) (&& (< net45) (>= netstandard13) (< win8) (< wpa81)) (>= dnxcore50)
      System.Runtime.Serialization.Primitives (>= 4.3) - restriction: || (&& (< net45) (>= netstandard13) (< win8) (< wpa81)) (>= net46) (>= dnxcore50)
      System.Text.Encoding (>= 4.3) - restriction: || (&& (< net45) (>= netstandard10) (< netstandard13) (< win8) (< wp8) (< wpa81)) (&& (< net45) (>= netstandard13) (< win8) (< wpa81)) (>= dnxcore50)
      System.Xml.ReaderWriter (>= 4.3) - restriction: || (&& (< net45) (>= netstandard10) (< netstandard13) (< win8) (< wp8) (< wpa81)) (&& (< net45) (>= netstandard13) (< win8) (< wpa81)) (>= dnxcore50)
    System.Runtime.WindowsRuntime (4.3) - restriction: >= dnxcore50, isRuntimeDependency: true
    System.Text.Encoding (4.3) - restriction: || (&& (< net20) (>= netstandard13) (< win8) (< wpa81)) (&& (< net20) (>= netstandard14) (< win8) (< wpa81)) (&& (< net20) (>= netstandard15)) (&& (< net45) (>= netstandard13) (< win8) (< wpa81)) (&& (< net45) (>= netstandard14) (< win8) (< wpa81)) (&& (< net45) (>= netstandard15)) (&& (< net46) (>= netstandard13)) (&& (< net46) (>= netstandard14)) (&& (>= dnxcore50) (>= netstandard13)) (&& (>= dnxcore50) (>= netstandard14)) (&& (>= dnxcore50) (>= netstandard15))
      Microsoft.NETCore.Platforms (>= 1.1) - restriction: || (&& (< net45) (>= netstandard10) (< netstandard13) (< win8) (< wp8) (< wpa81)) (&& (< net45) (>= netstandard13) (< win8) (< wpa81)) (>= dnxcore50)
      Microsoft.NETCore.Targets (>= 1.1) - restriction: || (&& (< net45) (>= netstandard10) (< netstandard13) (< win8) (< wp8) (< wpa81)) (&& (< net45) (>= netstandard13) (< win8) (< wpa81)) (>= dnxcore50)
      System.Runtime (>= 4.3) - restriction: || (&& (< net45) (>= netstandard10) (< netstandard13) (< win8) (< wp8) (< wpa81)) (&& (< net45) (>= netstandard13) (< win8) (< wpa81)) (>= dnxcore50)
    System.Text.Encoding.Extensions (4.3) - restriction: || (&& (< net20) (>= netstandard13) (< win8) (< wpa81)) (&& (< net20) (>= netstandard14) (< win8) (< wpa81)) (&& (< net45) (>= netstandard13) (< win8) (< wpa81)) (&& (< net45) (>= netstandard14) (< win8) (< wpa81)) (&& (< net46) (>= netstandard14)) (&& (>= dnxcore50) (>= netstandard13)) (&& (>= dnxcore50) (>= netstandard14))
      Microsoft.NETCore.Platforms (>= 1.1) - restriction: || (&& (< net45) (>= netstandard10) (< netstandard13) (< win8) (< wp8) (< wpa81)) (&& (< net45) (>= netstandard13) (< win8) (< wpa81)) (>= dnxcore50)
      Microsoft.NETCore.Targets (>= 1.1) - restriction: || (&& (< net45) (>= netstandard10) (< netstandard13) (< win8) (< wp8) (< wpa81)) (&& (< net45) (>= netstandard13) (< win8) (< wpa81)) (>= dnxcore50)
      System.Runtime (>= 4.3) - restriction: || (&& (< net45) (>= netstandard10) (< netstandard13) (< win8) (< wp8) (< wpa81)) (&& (< net45) (>= netstandard13) (< win8) (< wpa81)) (>= dnxcore50)
      System.Text.Encoding (>= 4.3) - restriction: || (&& (< net45) (>= netstandard10) (< netstandard13) (< win8) (< wp8) (< wpa81)) (&& (< net45) (>= netstandard13) (< win8) (< wpa81)) (>= dnxcore50)
    System.Text.RegularExpressions (4.3) - restriction: || (&& (< net45) (>= netstandard13) (< win8) (< wpa81)) (&& (< net46) (>= netstandard13)) (&& (>= dnxcore50) (>= netstandard13))
      System.Collections (>= 4.3) - restriction: || (>= dnxcore50) (&& (>= netstandard16) (< netcore11))
      System.Globalization (>= 4.3) - restriction: || (>= dnxcore50) (&& (>= netstandard16) (< netcore11))
      System.Resources.ResourceManager (>= 4.3) - restriction: || (>= dnxcore50) (&& (>= netstandard16) (< netcore11))
      System.Runtime (>= 4.3) - restriction: || (&& (< net45) (>= netstandard10) (< netstandard13) (< win8) (< wp8) (< wpa81)) (&& (< net45) (>= netstandard13) (< win8) (< wpa81)) (>= dnxcore50) (>= netstandard16)
      System.Runtime.Extensions (>= 4.3) - restriction: || (>= dnxcore50) (&& (>= netstandard16) (< netcore11))
      System.Threading (>= 4.3) - restriction: || (>= dnxcore50) (&& (>= netstandard16) (< netcore11))
    System.Threading (4.3) - restriction: || (&& (< net46) (>= netstandard14)) (&& (>= dnxcore50) (>= netstandard14)) (&& (>= dnxcore50) (>= netstandard16)) (>= netstandard13) (&& (>= netstandard16) (< netcore11))
      System.Runtime (>= 4.3) - restriction: || (&& (< net45) (>= netstandard10) (< netstandard13) (< win8) (< wp8) (< wpa81)) (&& (< net45) (>= netstandard13) (< win8) (< wpa81)) (>= dnxcore50)
      System.Threading.Tasks (>= 4.3) - restriction: || (&& (< net45) (>= netstandard10) (< netstandard13) (< win8) (< wp8) (< wpa81)) (&& (< net45) (>= netstandard13) (< win8) (< wpa81)) (>= dnxcore50)
    System.Threading.Overlapped (4.3) - restriction: || (&& (< net20) (>= netstandard13) (< win8) (< wpa81)) (>= dnxcore50), isRuntimeDependency: true
      Microsoft.NETCore.Platforms (>= 1.1) - restriction: || (&& (< net46) (>= netstandard13)) (>= dnxcore50)
      System.Resources.ResourceManager (>= 4.3) - restriction: || (&& (< net46) (>= netstandard13)) (>= dnxcore50)
      System.Runtime (>= 4.3) - restriction: || (&& (< net46) (>= netstandard13)) (>= dnxcore50)
      System.Runtime.Handles (>= 4.3) - restriction: || (&& (< net46) (>= netstandard13)) (>= dnxcore50)
    System.Threading.Tasks (4.3) - restriction: || (&& (< net20) (>= netstandard13) (< win8) (< wpa81)) (&& (< net20) (>= netstandard14) (< win8) (< wpa81)) (&& (< net20) (>= netstandard15)) (&& (< net45) (>= netstandard13) (< win8) (< wpa81)) (&& (< net45) (>= netstandard14) (< win8) (< wpa81)) (&& (< net45) (>= netstandard15)) (&& (< net46) (>= netstandard13)) (&& (< net46) (>= netstandard14)) (&& (>= dnxcore50) (>= netstandard13)) (&& (>= dnxcore50) (>= netstandard14)) (&& (>= dnxcore50) (>= netstandard15)) (&& (>= dnxcore50) (>= netstandard16)) (&& (< netstandard13) (>= netstandard16)) (&& (>= netstandard16) (< netcore11))
      Microsoft.NETCore.Platforms (>= 1.1) - restriction: || (&& (< net45) (>= netstandard10) (< netstandard13) (< win8) (< wp8) (< wpa81)) (&& (< net45) (>= netstandard13) (< win8) (< wpa81)) (>= dnxcore50)
      Microsoft.NETCore.Targets (>= 1.1) - restriction: || (&& (< net45) (>= netstandard10) (< netstandard13) (< win8) (< wp8) (< wpa81)) (&& (< net45) (>= netstandard13) (< win8) (< wpa81)) (>= dnxcore50)
      System.Runtime (>= 4.3) - restriction: || (&& (< net45) (>= netstandard10) (< netstandard13) (< win8) (< wp8) (< wpa81)) (&& (< net45) (>= netstandard13) (< win8) (< wpa81)) (>= dnxcore50)
    System.Threading.Tasks.Extensions (4.3) - restriction: || (&& (< net45) (>= netstandard13) (< win8) (< wpa81)) (&& (>= dnxcore50) (>= netstandard13))
      System.Collections (>= 4.3) - restriction: && (< net45) (>= netstandard10) (< win8) (< wp8) (< wpa81)
      System.Runtime (>= 4.3) - restriction: && (< net45) (>= netstandard10) (< win8) (< wp8) (< wpa81)
      System.Threading.Tasks (>= 4.3) - restriction: && (< net45) (>= netstandard10) (< win8) (< wp8) (< wpa81)
    System.Threading.Thread (4.3) - restriction: || (&& (< net46) (>= netstandard14)) (>= netstandard13)
      System.Runtime (>= 4.3) - restriction: && (< net46) (>= netstandard13)
    System.Threading.ThreadPool (4.3) - restriction: && (< net46) (>= netstandard14)
      System.Runtime (>= 4.3) - restriction: && (< net46) (>= netstandard13)
      System.Runtime.Handles (>= 4.3) - restriction: && (< net46) (>= netstandard13)
    System.Threading.Timer (4.3) - restriction: && (< net46) (>= netstandard13)
      Microsoft.NETCore.Platforms (>= 1.1) - restriction: || (&& (< net451) (>= netstandard12) (< win81) (< wpa81)) (>= dnxcore50)
      Microsoft.NETCore.Targets (>= 1.1) - restriction: || (&& (< net451) (>= netstandard12) (< win81) (< wpa81)) (>= dnxcore50)
      System.Runtime (>= 4.3) - restriction: || (&& (< net451) (>= netstandard12) (< win81) (< wpa81)) (>= dnxcore50)
    System.Xml.ReaderWriter (4.3) - restriction: || (&& (< net45) (>= netstandard13) (< win8) (< wpa81)) (&& (< net46) (>= netstandard13)) (&& (>= dnxcore50) (>= netstandard13))
      System.Collections (>= 4.3) - restriction: || (&& (< net45) (>= netstandard13) (< win8) (< wpa81)) (>= dnxcore50)
      System.Diagnostics.Debug (>= 4.3) - restriction: || (&& (< net45) (>= netstandard13) (< win8) (< wpa81)) (>= dnxcore50)
      System.Globalization (>= 4.3) - restriction: || (&& (< net45) (>= netstandard13) (< win8) (< wpa81)) (>= dnxcore50)
      System.IO (>= 4.3) - restriction: || (&& (< net45) (>= netstandard10) (< netstandard13) (< win8) (< wp8) (< wpa81)) (&& (< net45) (>= netstandard13) (< win8) (< wpa81)) (>= dnxcore50)
      System.IO.FileSystem (>= 4.3) - restriction: || (&& (< net45) (>= netstandard13) (< win8) (< wpa81)) (>= dnxcore50)
      System.IO.FileSystem.Primitives (>= 4.3) - restriction: || (&& (< net45) (>= netstandard13) (< win8) (< wpa81)) (>= dnxcore50)
      System.Resources.ResourceManager (>= 4.3) - restriction: || (&& (< net45) (>= netstandard13) (< win8) (< wpa81)) (>= dnxcore50)
      System.Runtime (>= 4.3) - restriction: || (&& (< net45) (>= netstandard10) (< netstandard13) (< win8) (< wp8) (< wpa81)) (&& (< net45) (>= netstandard13) (< win8) (< wpa81)) (>= dnxcore50)
      System.Runtime.Extensions (>= 4.3) - restriction: || (&& (< net45) (>= netstandard13) (< win8) (< wpa81)) (>= dnxcore50)
      System.Runtime.InteropServices (>= 4.3) - restriction: || (&& (< net45) (>= netstandard13) (< win8) (< wpa81)) (>= dnxcore50)
      System.Text.Encoding (>= 4.3) - restriction: || (&& (< net45) (>= netstandard10) (< netstandard13) (< win8) (< wp8) (< wpa81)) (&& (< net45) (>= netstandard13) (< win8) (< wpa81)) (>= dnxcore50)
      System.Text.Encoding.Extensions (>= 4.3) - restriction: || (&& (< net45) (>= netstandard13) (< win8) (< wpa81)) (>= dnxcore50)
      System.Text.RegularExpressions (>= 4.3) - restriction: || (&& (< net45) (>= netstandard13) (< win8) (< wpa81)) (>= dnxcore50)
      System.Threading.Tasks (>= 4.3) - restriction: || (&& (< net45) (>= netstandard10) (< netstandard13) (< win8) (< wp8) (< wpa81)) (&& (< net45) (>= netstandard13) (< win8) (< wpa81)) (>= dnxcore50)
      System.Threading.Tasks.Extensions (>= 4.3) - restriction: || (&& (< net45) (>= netstandard13) (< win8) (< wpa81)) (>= dnxcore50)
    System.Xml.XDocument (4.3) - restriction: || (&& (< net45) (>= netstandard13) (< win8) (< wpa81)) (&& (>= dnxcore50) (>= netstandard13))
      System.Collections (>= 4.3) - restriction: || (&& (< net45) (>= netstandard13) (< win8) (< wpa81)) (>= dnxcore50)
      System.Diagnostics.Debug (>= 4.3) - restriction: || (&& (< net45) (>= netstandard13) (< win8) (< wpa81)) (>= dnxcore50)
      System.Diagnostics.Tools (>= 4.3) - restriction: || (&& (< net45) (>= netstandard13) (< win8) (< wpa81)) (>= dnxcore50)
      System.Globalization (>= 4.3) - restriction: || (&& (< net45) (>= netstandard13) (< win8) (< wpa81)) (>= dnxcore50)
      System.IO (>= 4.3) - restriction: || (&& (< net45) (>= netstandard10) (< netstandard13) (< win8) (< wp8) (< wpa81)) (&& (< net45) (>= netstandard13) (< win8) (< wpa81)) (>= dnxcore50)
      System.Reflection (>= 4.3) - restriction: || (&& (< net45) (>= netstandard13) (< win8) (< wpa81)) (>= dnxcore50)
      System.Resources.ResourceManager (>= 4.3) - restriction: || (&& (< net45) (>= netstandard13) (< win8) (< wpa81)) (>= dnxcore50)
      System.Runtime (>= 4.3) - restriction: || (&& (< net45) (>= netstandard10) (< netstandard13) (< win8) (< wp8) (< wpa81)) (&& (< net45) (>= netstandard13) (< win8) (< wpa81)) (>= dnxcore50)
      System.Runtime.Extensions (>= 4.3) - restriction: || (&& (< net45) (>= netstandard13) (< win8) (< wpa81)) (>= dnxcore50)
      System.Text.Encoding (>= 4.3) - restriction: || (&& (< net45) (>= netstandard13) (< win8) (< wpa81)) (>= dnxcore50)
      System.Threading (>= 4.3) - restriction: || (&& (< net45) (>= netstandard13) (< win8) (< wpa81)) (>= dnxcore50)
      System.Xml.ReaderWriter (>= 4.3) - restriction: || (&& (< net45) (>= netstandard10) (< netstandard13) (< win8) (< wp8) (< wpa81)) (&& (< net45) (>= netstandard13) (< win8) (< wpa81)) (>= dnxcore50)
    System.Xml.XmlDocument (4.3) - restriction: || (&& (< net45) (>= netstandard13) (< win8) (< wpa81)) (&& (< net46) (>= netstandard13)) (&& (>= dnxcore50) (>= netstandard13))
      System.Collections (>= 4.3) - restriction: && (< net46) (>= netstandard13)
      System.Diagnostics.Debug (>= 4.3) - restriction: && (< net46) (>= netstandard13)
      System.Globalization (>= 4.3) - restriction: && (< net46) (>= netstandard13)
      System.IO (>= 4.3) - restriction: && (< net46) (>= netstandard13)
      System.Resources.ResourceManager (>= 4.3) - restriction: && (< net46) (>= netstandard13)
      System.Runtime (>= 4.3) - restriction: && (< net46) (>= netstandard13)
      System.Runtime.Extensions (>= 4.3) - restriction: && (< net46) (>= netstandard13)
      System.Text.Encoding (>= 4.3) - restriction: && (< net46) (>= netstandard13)
      System.Threading (>= 4.3) - restriction: && (< net46) (>= netstandard13)
      System.Xml.ReaderWriter (>= 4.3) - restriction: && (< net46) (>= netstandard13)
    System.Xml.XmlSerializer (4.3) - restriction: || (&& (< net45) (>= netstandard13) (< win8) (< wpa81)) (&& (>= dnxcore50) (>= netstandard13))
      System.Collections (>= 4.3) - restriction: || (&& (< net45) (>= netstandard13) (< win8) (< wpa81)) (>= dnxcore50)
      System.Globalization (>= 4.3) - restriction: || (&& (< net45) (>= netstandard13) (< win8) (< wpa81)) (>= dnxcore50)
      System.IO (>= 4.3) - restriction: || (&& (< net45) (>= netstandard10) (< netstandard13) (< win8) (< wp8) (< wpa81)) (&& (< net45) (>= netstandard13) (< win8) (< wpa81)) (>= dnxcore50)
      System.Linq (>= 4.3) - restriction: || (&& (< net45) (>= netstandard13) (< win8) (< wpa81)) (>= dnxcore50)
      System.Reflection (>= 4.3) - restriction: || (&& (< net45) (>= netstandard13) (< win8) (< wpa81)) (>= dnxcore50)
      System.Reflection.Emit (>= 4.3) - restriction: || (&& (< net45) (>= netstandard13) (< win8) (< wpa81)) (>= dnxcore50)
      System.Reflection.Emit.ILGeneration (>= 4.3) - restriction: || (&& (< net45) (>= netstandard13) (< win8) (< wpa81)) (>= dnxcore50)
      System.Reflection.Extensions (>= 4.3) - restriction: || (&& (< net45) (>= netstandard13) (< win8) (< wpa81)) (>= dnxcore50)
      System.Reflection.Primitives (>= 4.3) - restriction: || (&& (< net45) (>= netstandard13) (< win8) (< wpa81)) (>= dnxcore50)
      System.Reflection.TypeExtensions (>= 4.3) - restriction: || (&& (< net45) (>= netstandard13) (< win8) (< wpa81)) (>= dnxcore50)
      System.Resources.ResourceManager (>= 4.3) - restriction: || (&& (< net45) (>= netstandard13) (< win8) (< wpa81)) (>= dnxcore50)
      System.Runtime (>= 4.3) - restriction: || (&& (< net45) (>= netstandard10) (< netstandard13) (< win8) (< wp8) (< wpa81)) (&& (< net45) (>= netstandard13) (< win8) (< wpa81)) (>= dnxcore50)
      System.Runtime.Extensions (>= 4.3) - restriction: || (&& (< net45) (>= netstandard13) (< win8) (< wpa81)) (>= dnxcore50)
      System.Text.RegularExpressions (>= 4.3) - restriction: || (&& (< net45) (>= netstandard13) (< win8) (< wpa81)) (>= dnxcore50)
      System.Threading (>= 4.3) - restriction: || (&& (< net45) (>= netstandard13) (< win8) (< wpa81)) (>= dnxcore50)
      System.Xml.ReaderWriter (>= 4.3) - restriction: || (&& (< net45) (>= netstandard10) (< netstandard13) (< win8) (< wp8) (< wpa81)) (&& (< net45) (>= netstandard13) (< win8) (< wpa81)) (>= dnxcore50)
      System.Xml.XmlDocument (>= 4.3) - restriction: || (&& (< net45) (>= netstandard13) (< win8) (< wpa81)) (>= dnxcore50)
