RESTRICTION: == net45
NUGET
  remote: https://www.nuget.org/api/v2
    FAKE (5.0.0-alpha009)
    Microsoft.Build.Utilities.Core (15.1.1012)
    NuGet.CommandLine (4.1)
